GIT
  remote: https://github.com/livingsocial/rake-pipeline.git
  revision: 3465e0e3e134bf52ddf5d138e8c8262412080095
  specs:
    rake-pipeline (0.6.0)
      rake (~> 0.9.0)
      thor

GIT
  remote: https://github.com/pangratz/github_downloads.git
  revision: 1fb715b9ab3ac9ec5d02caab524ce7f444cf0c41
  specs:
    github_downloads (0.1.3)
      github_api (~> 0.6)
      rest-client (~> 1.6)

GIT
  remote: https://github.com/wycats/rake-pipeline-web-filters.git
  revision: 51915f60889fbf54fc2e81b86b594bf4c7be4ea5
  specs:
    rake-pipeline-web-filters (0.6.0)
      rack
      rake-pipeline (~> 0.6)

GEM
  remote: http://rubygems.org/
  specs:
    POpen4 (0.1.4)
      Platform (>= 0.4.0)
      open4
    Platform (0.4.0)
    chunky_png (1.2.6)
    colored (1.2)
    compass (0.12.2)
      chunky_png (~> 1.2)
      fssm (>= 0.2.7)
      sass (~> 3.1)
    execjs (1.4.0)
      multi_json (~> 1.0)
    faraday (0.8.4)
      multipart-post (~> 1.1)
    ffi (1.1.5)
    fssm (0.2.9)
    github_api (0.6.5)
      faraday (~> 0.8.1)
      hashie (~> 1.2.0)
      multi_json (~> 1.3)
      nokogiri (~> 1.5.2)
      oauth2
    guard (1.3.2)
      listen (>= 0.4.2)
      thor (>= 0.14.6)
    guard-rake (0.0.7)
      guard
      rake
    hashie (1.2.0)
    httpauth (0.1)
    json (1.7.5)
    jwt (0.1.5)
      multi_json (>= 1.0)
    kicker (2.6.1)
      listen
    listen (0.4.7)
      rb-fchange (~> 0.0.5)
      rb-fsevent (~> 0.9.1)
      rb-inotify (~> 0.8.8)
    mime-types (1.19)
    multi_json (1.3.6)
    multipart-post (1.1.5)
    nokogiri (1.5.5)
    oauth2 (0.8.0)
      faraday (~> 0.8)
      httpauth (~> 0.1)
      jwt (~> 0.1.4)
      multi_json (~> 1.0)
      rack (~> 1.2)
    open4 (1.3.0)
    rack (1.4.1)
    rack-rewrite (1.2.1)
    rake (0.9.2.2)
    rb-fchange (0.0.5)
      ffi
    rb-fsevent (0.9.1)
    rb-inotify (0.8.8)
      ffi (>= 0.5.0)
    rest-client (1.6.7)
      mime-types (>= 1.16)
    sass (3.2.1)
    thor (0.16.0)
    uglifier (1.2.7)
      execjs (>= 0.3.0)
      multi_json (~> 1.3)
    yui-compressor (0.9.6)
      POpen4 (>= 0.1.4)

PLATFORMS
  ruby

DEPENDENCIES
  colored
  compass
  github_downloads!
  guard
  guard-rake
  json
  kicker
  multi_json
  rack
  rack-rewrite
  rake-pipeline!
  rake-pipeline-web-filters!
  sass
  uglifier
  yui-compressor
